GEM
  remote: https://rubygems.org/
  specs:
    addressable (2.3.7)
    app_conf (0.4.2)
    cinch (2.2.4)
    cinch-commands (0.1.0)
      cinch (~> 2.0)
    cinch-identify (1.6.0)
      cinch (~> 2.0)
    codeclimate-test-reporter (0.4.6)
      simplecov (>= 0.7.1, < 1.0.0)
    docile (1.1.5)
    httparty (0.13.3)
      json (~> 1.8)
      multi_xml (>= 0.5.2)
    json (1.8.2)
    kappa (1.0.2)
      addressable (~> 2.3.5)
      httparty (~> 0.12.0)
    mini_portile (0.6.2)
    minitest (5.5.1)
    multi_json (1.10.1)
    multi_xml (0.5.5)
    nokogiri (1.6.6.2)
      mini_portile (~> 0.6.0)
    rake (10.4.2)
    simplecov (0.9.2)
      docile (~> 1.1.0)
      multi_json (~> 1.0)
      simplecov-html (~> 0.9.0)
    simplecov-html (0.9.0)
    sqlite3 (1.3.10)

PLATFORMS
  ruby

DEPENDENCIES
  app_conf
  cinch
  cinch-commands
  cinch-identify
  codeclimate-test-reporter
  json
  kappa
  minitest
  nokogiri
  rake
  simplecov
  sqlite3
